GEM
  remote: https://rubygems.org/
  specs:
    activesupport (3.1.12)
      multi_json (~> 1.0)
    builder (3.0.4)
    coderay (1.1.2)
    diff-lcs (1.3)
    docile (1.3.1)
    ffi (1.9.25-java)
    i18n (0.6.11)
    json (2.1.0-java)
    method_source (0.9.0)
    multi_json (1.13.1)
    pry (0.11.3-java)
      coderay (~> 1.1.0)
      method_source (~> 0.9.0)
      spoon (~> 0.0)
    rspec (3.7.0)
      rspec-core (~> 3.7.0)
      rspec-expectations (~> 3.7.0)
      rspec-mocks (~> 3.7.0)
    rspec-core (3.7.1)
      rspec-support (~> 3.7.0)
    rspec-expectations (3.7.0)
      diff-lcs (>= 1.2.0, < 2.0)
      rspec-support (~> 3.7.0)
    rspec-mocks (3.7.0)
      diff-lcs (>= 1.2.0, < 2.0)
      rspec-support (~> 3.7.0)
    rspec-support (3.7.1)
    sbn (0.9.1)
      activesupport (~> 3.1.0)
      builder (~> 3.0.0)
      i18n (~> 0.6.0)
      xml-simple (~> 1.1.0)
    simplecov (0.16.1)
      docile (~> 1.1)
      json (>= 1.8, < 3)
      simplecov-html (~> 0.10.0)
    simplecov-html (0.10.2)
    spoon (0.0.6)
      ffi
    xml-simple (1.1.5)

PLATFORMS
  java

DEPENDENCIES
  pry
  rspec
  sbn
  simplecov

BUNDLED WITH
   1.16.2
