GEM
  remote: https://rubygems.org/
  specs:
    activesupport (3.1.12)
      multi_json (~> 1.0)
    builder (3.0.4)
    coderay (1.0.9)
    diff-lcs (1.1.3)
    ffi (1.9.3-java)
    i18n (0.6.5)
    method_source (0.8.2)
    multi_json (1.8.2)
    pry (0.9.12.2)
      coderay (~> 1.0.5)
      method_source (~> 0.8)
      slop (~> 3.4)
    pry (0.9.12.2-java)
      coderay (~> 1.0.5)
      method_source (~> 0.8)
      slop (~> 3.4)
      spoon (~> 0.0)
    rspec (2.11.0)
      rspec-core (~> 2.11.0)
      rspec-expectations (~> 2.11.0)
      rspec-mocks (~> 2.11.0)
    rspec-core (2.11.1)
    rspec-expectations (2.11.3)
      diff-lcs (~> 1.1.3)
    rspec-mocks (2.11.3)
    sbn (0.9.1)
      activesupport (~> 3.1.0)
      builder (~> 3.0.0)
      i18n (~> 0.6.0)
      xml-simple (~> 1.1.0)
    slop (3.4.6)
    spoon (0.0.4)
      ffi
    xml-simple (1.1.2)

PLATFORMS
  java

DEPENDENCIES
  pry
  rspec
  sbn
