GEM
  remote: https://rubygems.org/
  specs:
    activesupport (3.1.12)
      multi_json (~> 1.0)
    builder (3.0.4)
    columnize (0.9.0)
    diff-lcs (1.3)
    i18n (0.6.11)
    linecache (1.3.1-java)
    multi_json (1.13.1)
    rspec (3.7.0)
      rspec-core (~> 3.7.0)
      rspec-expectations (~> 3.7.0)
      rspec-mocks (~> 3.7.0)
    rspec-core (3.7.1)
      rspec-support (~> 3.7.0)
    rspec-expectations (3.7.0)
      diff-lcs (>= 1.2.0, < 2.0)
      rspec-support (~> 3.7.0)
    rspec-mocks (3.7.0)
      diff-lcs (>= 1.2.0, < 2.0)
      rspec-support (~> 3.7.0)
    rspec-support (3.7.1)
    ruby-debug (0.10.6)
      columnize (>= 0.1)
      linecache (~> 1.3.1)
      ruby-debug-base (~> 0.10.6.0)
    ruby-debug-base (0.10.6-java)
    sbn (0.9.1)
      activesupport (~> 3.1.0)
      builder (~> 3.0.0)
      i18n (~> 0.6.0)
      xml-simple (~> 1.1.0)
    xml-simple (1.1.5)

PLATFORMS
  java

DEPENDENCIES
  rspec
  ruby-debug
  sbn

BUNDLED WITH
   1.16.2
