GEM
  remote: https://rubygems.org/
  specs:
    activemodel (3.1.12)
      activesupport (= 3.1.12)
      builder (~> 3.0.0)
      i18n (~> 0.6)
    activerecord (3.1.12)
      activemodel (= 3.1.12)
      activesupport (= 3.1.12)
      arel (~> 2.2.3)
      tzinfo (~> 0.3.29)
    activerecord-jdbc-adapter (1.3.25)
      activerecord (>= 2.2, < 5.0)
    activerecord-jdbcsqlite3-adapter (1.3.25)
      activerecord-jdbc-adapter (~> 1.3.25)
      jdbc-sqlite3 (>= 3.7.2, < 3.9)
    activesupport (3.1.12)
      multi_json (~> 1.0)
    arel (2.2.3)
    builder (3.0.4)
    columnize (0.9.0)
    diff-lcs (1.3)
    i18n (0.6.11)
    jdbc-sqlite3 (3.8.11.2)
    linecache (1.3.1-java)
    multi_json (1.13.1)
    rspec (3.8.0)
      rspec-core (~> 3.8.0)
      rspec-expectations (~> 3.8.0)
      rspec-mocks (~> 3.8.0)
    rspec-core (3.8.0)
      rspec-support (~> 3.8.0)
    rspec-expectations (3.8.2)
      diff-lcs (>= 1.2.0, < 2.0)
      rspec-support (~> 3.8.0)
    rspec-mocks (3.8.0)
      diff-lcs (>= 1.2.0, < 2.0)
      rspec-support (~> 3.8.0)
    rspec-support (3.8.0)
    ruby-debug (0.10.6)
      columnize (>= 0.1)
      linecache (~> 1.3.1)
      ruby-debug-base (~> 0.10.6.0)
    ruby-debug-base (0.10.6-java)
    sbn (0.9.1)
      activesupport (~> 3.1.0)
      builder (~> 3.0.0)
      i18n (~> 0.6.0)
      xml-simple (~> 1.1.0)
    tzinfo (0.3.55)
    xml-simple (1.1.5)

PLATFORMS
  java

DEPENDENCIES
  activerecord (~> 3.1.0)
  activerecord-jdbc-adapter (~> 1.3.0)
  activerecord-jdbcsqlite3-adapter
  rspec
  ruby-debug
  sbn (= 0.9.1)

BUNDLED WITH
   1.16.2
